GIT
  remote: https://github.com/boomerdigital/solidus_wishlist.git
  revision: 73c29112037b682b5812960549b9d76dfea3ec33
  branch: master
  specs:
    solidus_wishlist (2.2.0)
      deface (~> 1.0)
      solidus_core (>= 1.2.0, < 3)
      solidus_support

GIT
  remote: https://github.com/jtapia/solidus_slider.git
  revision: 019d3e9da054afe86e1d4c0d9108fd002b8d65bb
  specs:
    solidus_slider (1.0)
      jbuilder (~> 2.6)
      kaminari (>= 0.17, < 2.0)
      solidus_api (>= 1.2, < 3)
      solidus_backend (>= 1.2, < 3)
      solidus_core (>= 1.2, < 3)
      solidus_support

GIT
  remote: https://github.com/solidusio-contrib/solidus_reports.git
  revision: 1a4a15746ead683d5563bd08fb114f9d91ea7798
  specs:
    solidus_reports (1.0.0)
      solidus_auth_devise (>= 1.0, < 3)
      solidus_core (>= 2.5, < 3)
      solidus_support

GIT
  remote: https://github.com/solidusio-contrib/solidus_reviews.git
  revision: 54614150ef4d8c124203aca4ba9b10c745244103
  specs:
    solidus_reviews (1.2.0)
      deface (~> 1)
      solidus (>= 1.4, < 3)
      solidus_support

GEM
  remote: https://rubygems.org/
  specs:
    actioncable (6.0.1)
      actionpack (= 6.0.1)
      nio4r (~> 2.0)
      websocket-driver (>= 0.6.1)
    actionmailbox (6.0.1)
      actionpack (= 6.0.1)
      activejob (= 6.0.1)
      activerecord (= 6.0.1)
      activestorage (= 6.0.1)
      activesupport (= 6.0.1)
      mail (>= 2.7.1)
    actionmailer (6.0.1)
      actionpack (= 6.0.1)
      actionview (= 6.0.1)
      activejob (= 6.0.1)
      mail (~> 2.5, >= 2.5.4)
      rails-dom-testing (~> 2.0)
    actionpack (6.0.1)
      actionview (= 6.0.1)
      activesupport (= 6.0.1)
      rack (~> 2.0)
      rack-test (>= 0.6.3)
      rails-dom-testing (~> 2.0)
      rails-html-sanitizer (~> 1.0, >= 1.2.0)
    actiontext (6.0.1)
      actionpack (= 6.0.1)
      activerecord (= 6.0.1)
      activestorage (= 6.0.1)
      activesupport (= 6.0.1)
      nokogiri (>= 1.8.5)
    actionview (6.0.1)
      activesupport (= 6.0.1)
      builder (~> 3.1)
      erubi (~> 1.4)
      rails-dom-testing (~> 2.0)
      rails-html-sanitizer (~> 1.1, >= 1.2.0)
    activejob (6.0.1)
      activesupport (= 6.0.1)
      globalid (>= 0.3.6)
    activemerchant (1.101.0)
      activesupport (>= 4.2)
      builder (>= 2.1.2, < 4.0.0)
      i18n (>= 0.6.9)
      nokogiri (~> 1.4)
    activemodel (6.0.1)
      activesupport (= 6.0.1)
    activerecord (6.0.1)
      activemodel (= 6.0.1)
      activesupport (= 6.0.1)
    activestorage (6.0.1)
      actionpack (= 6.0.1)
      activejob (= 6.0.1)
      activerecord (= 6.0.1)
      marcel (~> 0.3.1)
    activesupport (6.0.1)
      concurrent-ruby (~> 1.0, >= 1.0.2)
      i18n (>= 0.7, < 2)
      minitest (~> 5.1)
      tzinfo (~> 1.1)
      zeitwerk (~> 2.2)
    acts_as_list (0.9.19)
      activerecord (>= 3.0)
    addressable (2.7.0)
      public_suffix (>= 2.0.2, < 5.0)
    autoprefixer-rails (9.7.1)
      execjs
    awesome_nested_set (3.2.0)
      activerecord (>= 4.0.0, < 7.0)
    bcrypt (3.1.13)
    bindex (0.8.1)
    bootsnap (1.4.5)
      msgpack (~> 1.0)
    builder (3.2.3)
    byebug (11.0.1)
    cancancan (3.0.1)
    canonical-rails (0.2.6)
      rails (>= 4.1, < 6.1)
    capybara (3.29.0)
      addressable
      mini_mime (>= 0.1.3)
      nokogiri (~> 1.8)
      rack (>= 1.6.0)
      rack-test (>= 0.6.3)
      regexp_parser (~> 1.5)
      xpath (~> 3.2)
    capybara-screenshot (1.0.23)
      capybara (>= 1.0, < 4)
      launchy
    carmen (1.1.3)
      activesupport (>= 3.0.0)
    childprocess (3.0.0)
    climate_control (0.2.0)
    codecov (0.1.16)
      json
      simplecov
      url
    coderay (1.1.2)
    coffee-rails (5.0.0)
      coffee-script (>= 2.2.0)
      railties (>= 5.2.0)
    coffee-script (2.4.1)
      coffee-script-source
      execjs
    coffee-script-source (1.12.2)
    concurrent-ruby (1.1.5)
    crass (1.0.5)
    csv (3.1.2)
    deface (1.5.3)
      nokogiri (>= 1.6)
      polyglot
      rails (>= 4.1)
      rainbow (>= 2.1.0)
    devise (4.7.1)
      bcrypt (~> 3.0)
      orm_adapter (~> 0.1)
      railties (>= 4.1.0)
      responders
      warden (~> 1.2.3)
    devise-encryptable (0.2.0)
      devise (>= 2.1.0)
    discard (1.1.0)
      activerecord (>= 4.2, < 7)
    docile (1.3.2)
    dotenv (2.2.2)
    elevatezoom-rails (1.0.0)
    erubi (1.9.0)
    execjs (2.7.0)
    faraday (0.17.0)
      multipart-post (>= 1.2, < 3)
    ffi (1.11.2)
    font-awesome-rails (4.7.0.5)
      railties (>= 3.2, < 6.1)
    friendly_id (5.3.0)
      activerecord (>= 4.0.0)
    globalid (0.4.2)
      activesupport (>= 4.2.0)
    handlebars_assets (0.23.5)
      execjs (~> 2.0)
      sprockets (>= 2.0.0)
      tilt (>= 1.2)
    hashie (3.6.0)
    i18n (1.7.0)
      concurrent-ruby (~> 1.0)
    jbuilder (2.9.1)
      activesupport (>= 4.2.0)
    jquery-rails (4.3.5)
      rails-dom-testing (>= 1, < 3)
      railties (>= 4.2.0)
      thor (>= 0.14, < 2.0)
    json (2.2.0)
    jwt (2.2.1)
    kaminari (1.1.1)
      activesupport (>= 4.1.0)
      kaminari-actionview (= 1.1.1)
      kaminari-activerecord (= 1.1.1)
      kaminari-core (= 1.1.1)
    kaminari-actionview (1.1.1)
      actionview
      kaminari-core (= 1.1.1)
    kaminari-activerecord (1.1.1)
      activerecord
      kaminari-core (= 1.1.1)
    kaminari-core (1.1.1)
    launchy (2.4.3)
      addressable (~> 2.3)
    listen (3.1.5)
      rb-fsevent (~> 0.9, >= 0.9.4)
      rb-inotify (~> 0.9, >= 0.9.7)
      ruby_dep (~> 1.2)
    loofah (2.3.1)
      crass (~> 1.0.2)
      nokogiri (>= 1.5.9)
    mail (2.7.1)
      mini_mime (>= 0.1.1)
    marcel (0.3.3)
      mimemagic (~> 0.3.2)
    method_source (0.9.2)
    mime-types (3.3)
      mime-types-data (~> 3.2015)
    mime-types-data (3.2019.1009)
    mimemagic (0.3.3)
    mini_mime (1.0.2)
    mini_portile2 (2.4.0)
    minitest (5.13.0)
    monetize (1.9.2)
      money (~> 6.12)
    money (6.13.4)
      i18n (>= 0.6.4, <= 2)
    msgpack (1.3.1)
    multi_json (1.14.1)
    multi_xml (0.6.0)
    multipart-post (2.1.1)
    mysql2 (0.5.2)
    nio4r (2.5.2)
    nokogiri (1.10.5)
      mini_portile2 (~> 2.4.0)
    oauth2 (1.4.2)
      faraday (>= 0.8, < 2.0)
      jwt (>= 1.0, < 3.0)
      multi_json (~> 1.3)
      multi_xml (~> 0.5)
      rack (>= 1.2, < 3)
    omniauth (1.9.0)
      hashie (>= 3.4.6, < 3.7.0)
      rack (>= 1.6.2, < 3)
    omniauth-facebook (5.0.0)
      omniauth-oauth2 (~> 1.2)
    omniauth-google-oauth2 (0.8.0)
      jwt (>= 2.0)
      omniauth (>= 1.1.1)
      omniauth-oauth2 (>= 1.6)
    omniauth-oauth2 (1.6.0)
      oauth2 (~> 1.1)
      omniauth (~> 1.9)
    orm_adapter (0.5.0)
    paperclip (5.3.0)
      activemodel (>= 4.2.0)
      activesupport (>= 4.2.0)
      mime-types
      mimemagic (~> 0.3.0)
      terrapin (~> 0.6.0)
    paranoia (2.4.2)
      activerecord (>= 4.0, < 6.1)
    pdf-core (0.7.0)
    pg (0.21.0)
    polyamorous (2.3.0)
      activerecord (>= 5.0)
    polyglot (0.3.5)
    prawn (2.2.2)
      pdf-core (~> 0.7.0)
      ttfunk (~> 1.5)
    prawn-table (0.2.2)
      prawn (>= 1.3.0, < 3.0.0)
    pry (0.12.2)
      coderay (~> 1.1.0)
      method_source (~> 0.9.0)
    public_suffix (4.0.1)
    puma (4.3.9)
      nio4r (~> 2.0)
    rack (2.0.7)
    rack-test (1.1.0)
      rack (>= 1.0, < 3)
    rails (6.0.1)
      actioncable (= 6.0.1)
      actionmailbox (= 6.0.1)
      actionmailer (= 6.0.1)
      actionpack (= 6.0.1)
      actiontext (= 6.0.1)
      actionview (= 6.0.1)
      activejob (= 6.0.1)
      activemodel (= 6.0.1)
      activerecord (= 6.0.1)
      activestorage (= 6.0.1)
      activesupport (= 6.0.1)
      bundler (>= 1.3.0)
      railties (= 6.0.1)
      sprockets-rails (>= 2.0.0)
    rails-dom-testing (2.0.3)
      activesupport (>= 4.2.0)
      nokogiri (>= 1.6)
    rails-html-sanitizer (1.3.0)
      loofah (~> 2.3)
    rails_12factor (0.0.3)
      rails_serve_static_assets
      rails_stdout_logging
    rails_serve_static_assets (0.0.5)
    rails_stdout_logging (0.0.5)
    railties (6.0.1)
      actionpack (= 6.0.1)
      activesupport (= 6.0.1)
      method_source
      rake (>= 0.8.7)
      thor (>= 0.20.3, < 2.0)
    rainbow (3.0.0)
    rake (13.0.1)
    ransack (2.3.0)
      actionpack (>= 5.0)
      activerecord (>= 5.0)
      activesupport (>= 5.0)
      i18n
      polyamorous (= 2.3.0)
    rb-fsevent (0.10.3)
    rb-inotify (0.10.0)
      ffi (~> 1.0)
    regexp_parser (1.6.0)
    responders (3.0.0)
      actionpack (>= 5.0)
      railties (>= 5.0)
    ruby_dep (1.5.0)
    rubyzip (2.0.0)
    sass (3.7.4)
      sass-listen (~> 4.0.0)
    sass-listen (4.0.0)
      rb-fsevent (~> 0.9, >= 0.9.4)
      rb-inotify (~> 0.9, >= 0.9.7)
    sass-rails (5.1.0)
      railties (>= 5.2.0)
      sass (~> 3.1)
      sprockets (>= 2.8, < 4.0)
      sprockets-rails (>= 2.0, < 4.0)
      tilt (>= 1.1, < 3)
    sassc (2.2.1)
      ffi (~> 1.9)
    sassc-rails (2.1.2)
      railties (>= 4.0.0)
      sassc (>= 2.0)
      sprockets (> 3.0)
      sprockets-rails
      tilt
    selenium-webdriver (3.142.6)
      childprocess (>= 0.5, < 4.0)
      rubyzip (>= 1.2.2)
    simplecov (0.17.1)
      docile (~> 1.1)
      json (>= 1.8, < 3)
      simplecov-html (~> 0.10.0)
    simplecov-html (0.10.2)
    solidus (2.10.0.beta1)
      solidus_api (= 2.10.0.beta1)
      solidus_backend (= 2.10.0.beta1)
      solidus_core (= 2.10.0.beta1)
      solidus_frontend (= 2.10.0.beta1)
      solidus_sample (= 2.10.0.beta1)
    solidus_api (2.10.0.beta1)
      jbuilder (~> 2.8)
      kaminari-activerecord (~> 1.1)
      responders
      solidus_core (= 2.10.0.beta1)
    solidus_auth_devise (2.3.0)
      devise (~> 4.1)
      devise-encryptable (= 0.2.0)
      solidus_core (>= 1.2.0, < 3)
      solidus_support (>= 0.1.3)
    solidus_backend (2.10.0.beta1)
      autoprefixer-rails
      coffee-rails
      font-awesome-rails (~> 4.0)
      handlebars_assets (~> 0.23)
      jbuilder (~> 2.8)
      jquery-rails
      kaminari (~> 1.1)
      responders
      sassc-rails
      solidus_api (= 2.10.0.beta1)
      solidus_core (= 2.10.0.beta1)
    solidus_core (2.10.0.beta1)
      actionmailer (>= 5.1, < 7.0.x)
      actionpack (>= 5.1, < 7.0.x)
      actionview (>= 5.1, < 7.0.x)
      activejob (>= 5.1, < 7.0.x)
      activemerchant (~> 1.66)
      activemodel (>= 5.1, < 7.0.x)
      activerecord (>= 5.1, < 7.0.x)
      activesupport (>= 5.1, < 7.0.x)
      acts_as_list (~> 0.3)
      awesome_nested_set (~> 3.2)
      cancancan (>= 2.2, < 4.0)
      carmen (~> 1.1.0)
      discard (~> 1.0)
      friendly_id (~> 5.0)
      kaminari-activerecord (~> 1.1)
      monetize (~> 1.8)
      paperclip (>= 4.2, < 6)
      paranoia (~> 2.4)
      railties (>= 5.1, < 7.0.x)
      ransack (~> 2.0)
      state_machines-activerecord (~> 0.6)
    solidus_frontend (2.10.0.beta1)
      canonical-rails (~> 0.2.0)
      font-awesome-rails (~> 4.0)
      jquery-rails
      kaminari (~> 1.1)
      responders
      sassc-rails
      solidus_api (= 2.10.0.beta1)
      solidus_core (= 2.10.0.beta1)
      truncate_html (~> 0.9, >= 0.9.2)
    solidus_sample (2.10.0.beta1)
      solidus_core (= 2.10.0.beta1)
    solidus_support (0.3.3)
      capybara-screenshot
      codecov
    spring (2.1.0)
    spring-watcher-listen (2.0.1)
      listen (>= 2.7, < 4.0)
      spring (>= 1.2, < 3.0)
    sprockets (3.7.2)
      concurrent-ruby (~> 1.0)
      rack (> 1, < 3)
    sprockets-rails (3.2.1)
      actionpack (>= 4.0)
      activesupport (>= 4.0)
      sprockets (>= 3.0.0)
    state_machines (0.5.0)
    state_machines-activemodel (0.7.1)
      activemodel (>= 4.1)
      state_machines (>= 0.5.0)
    state_machines-activerecord (0.6.0)
      activerecord (>= 4.1)
      state_machines-activemodel (>= 0.5.0)
    terrapin (0.6.0)
      climate_control (>= 0.0.3, < 1.0)
    thor (0.20.3)
    thread_safe (0.3.6)
    tilt (2.0.10)
    truncate_html (0.9.3)
    ttfunk (1.5.1)
    turbolinks (5.2.1)
      turbolinks-source (~> 5.2)
    turbolinks-source (5.2.0)
    tzinfo (1.2.5)
      thread_safe (~> 0.1)
    uglifier (4.2.0)
      execjs (>= 0.3.0, < 3)
    url (0.3.2)
    warden (1.2.8)
      rack (>= 2.0.6)
    web-console (4.0.1)
      actionview (>= 6.0.0)
      activemodel (>= 6.0.0)
      bindex (>= 0.4.0)
      railties (>= 6.0.0)
    webdrivers (4.1.3)
      nokogiri (~> 1.6)
      rubyzip (>= 1.3.0)
      selenium-webdriver (>= 3.0, < 4.0)
    websocket-driver (0.7.1)
      websocket-extensions (>= 0.1.0)
    websocket-extensions (0.1.4)
    xpath (3.2.0)
      nokogiri (~> 1.8)
    zeitwerk (2.2.1)

PLATFORMS
  ruby

DEPENDENCIES
  bootsnap (>= 1.4.2)
  byebug
  capybara (>= 2.15)
  csv
  devise
  dotenv (~> 2.2.1)
  elevatezoom-rails (~> 1.0)
  jbuilder (~> 2.7)
  listen (>= 3.0.5, < 3.2)
  mysql2 (>= 0.4.4)
  omniauth
  omniauth-facebook
  omniauth-google-oauth2
  pg
  prawn
  prawn-table (~> 0.2.2)
  pry
  puma (~> 4.3)
  rails (~> 6.0.0)
  rails_12factor
  sass-rails (~> 5)
  selenium-webdriver
  solidus
  solidus_auth_devise
  solidus_reports!
  solidus_reviews!
  solidus_slider!
  solidus_wishlist!
  spring
  spring-watcher-listen (~> 2.0.0)
  turbolinks (~> 5)
  tzinfo-data
  uglifier (>= 1.3.0)
  web-console (>= 3.3.0)
  webdrivers

BUNDLED WITH
   2.0.2
